GIT
  remote: https://github.com/mkroman/meta-rpc_client.git
  revision: ad889550f22003889ad8e79fa817940feab1b1a2
  specs:
    meta-rpc_client (0.1)
      multi_json (~> 1.14)
      oj (~> 3.10)
      rbnacl (~> 7.1)

GEM
  remote: https://rubygems.org/
  specs:
    aws-eventstream (1.2.0)
    aws-partitions (1.598.0)
    aws-sdk-core (3.131.1)
      aws-eventstream (~> 1, >= 1.0.2)
      aws-partitions (~> 1, >= 1.525.0)
      aws-sigv4 (~> 1.1)
      jmespath (~> 1, >= 1.6.1)
    aws-sdk-kms (1.57.0)
      aws-sdk-core (~> 3, >= 3.127.0)
      aws-sigv4 (~> 1.1)
    aws-sdk-s3 (1.114.0)
      aws-sdk-core (~> 3, >= 3.127.0)
      aws-sdk-kms (~> 1)
      aws-sigv4 (~> 1.4)
    aws-sigv4 (1.5.0)
      aws-eventstream (~> 1, >= 1.0.2)
    diff-lcs (1.5.0)
    digest (3.1.0)
    ffi (1.15.5)
    jmespath (1.6.1)
    little-plugger (1.1.4)
    logging (2.3.1)
      little-plugger (~> 1.1)
      multi_json (~> 1.14)
    magic (0.2.9)
      ffi (>= 0.6.3)
    mail (2.7.1)
      mini_mime (>= 0.1.1)
    mini_mime (1.1.2)
    multi_json (1.15.0)
    nanoid (2.0.0)
    net-imap (0.2.3)
      digest
      net-protocol
      strscan
    net-protocol (0.1.3)
      timeout
    net-smtp (0.3.1)
      digest
      net-protocol
      timeout
    oj (3.13.14)
    ox (2.14.11)
    rbnacl (7.1.1)
      ffi
    rspec (3.11.0)
      rspec-core (~> 3.11.0)
      rspec-expectations (~> 3.11.0)
      rspec-mocks (~> 3.11.0)
    rspec-core (3.11.0)
      rspec-support (~> 3.11.0)
    rspec-expectations (3.11.0)
      diff-lcs (>= 1.2.0, < 2.0)
      rspec-support (~> 3.11.0)
    rspec-mocks (3.11.1)
      diff-lcs (>= 1.2.0, < 2.0)
      rspec-support (~> 3.11.0)
    rspec-support (3.11.0)
    streamio-ffmpeg (3.0.2)
      multi_json (~> 1.8)
    strscan (3.0.3)
    timeout (0.3.0)

PLATFORMS
  ruby

DEPENDENCIES
  aws-sdk-s3 (~> 1.31)
  logging (~> 2.2)
  magic (~> 0.2)
  mail (~> 2.7)
  meta-rpc_client!
  nanoid (~> 2.0)
  net-imap (~> 0.2)
  net-smtp (~> 0.3)
  ox (~> 2.14)
  rspec (~> 3.9)
  streamio-ffmpeg (~> 3.0)

BUNDLED WITH
   2.1.4
